PATH
  remote: .
  specs:
    bump-cli (0.1.0)

GEM
  remote: https://rubygems.org/
  specs:
    rake (10.4.2)

PLATFORMS
  ruby

DEPENDENCIES
  bump-cli!
  bundler (~> 1.17)
  rake (~> 10.0)

BUNDLED WITH
   1.17.3
